GEM
  remote: http://rubygems.org/
  specs:
    activesupport (3.0.5)
    trollop (1.16.2)

PLATFORMS
  ruby

DEPENDENCIES
  activesupport
  trollop
